GIT
  remote: git://github.com/ging/social_stream.git
  revision: b1b7bb83f1acfc64df53ab74373fd0bb0f806808
  branch: master
  specs:
    social_stream-base (2.2.2)
      acts-as-taggable-on (~> 2.2.2)
      ancestry (~> 1.2.3)
      avatars_for_rails (~> 1.1.4)
      bootstrap-sass (~> 2.3.2.0)
      cancan (~> 1.6.7)
      deep_merge
      deface (~> 0.9.1)
      devise (~> 2.2.3)
      flashy (~> 0.0.1)
      foreigner (~> 1.1.1)
      i18n-js (~> 2.1.2)
      inherited_resources (~> 1.4.0)
      jquery-rails (>= 3.0.0)
      jquery-ui-rails (>= 4.0.3)
      kaminari (~> 0.13.0)
      mailboxer (~> 0.10.3)
      modernizr-rails (~> 2.0.6)
      omniauth-facebook (~> 1.4.1)
      omniauth-linkedin (~> 0.0.6)
      omniauth-socialstream (~> 0.1.2)
      rails (>= 3.1.0)
      rails_autolink (~> 1.0.4)
      rails_engine_decorators
      resque (~> 1.23.0)
      sass-rails (>= 3.1.0)
      select2-rails (~> 3.3.0)
      stringex (~> 1.5.1)
      strong_parameters (~> 0.2.1)
      thinking-sphinx (~> 2.0.8)
    social_stream-oauth2_server (2.2.2)
      rack-oauth2 (~> 1.0.0)
      social_stream-base (~> 2.2.2)

GEM
  remote: https://rubygems.org/
  specs:
    actionmailer (3.2.14)
      actionpack (= 3.2.14)
      mail (~> 2.5.4)
    actionpack (3.2.14)
      activemodel (= 3.2.14)
      activesupport (= 3.2.14)
      builder (~> 3.0.0)
      erubis (~> 2.7.0)
      journey (~> 1.0.4)
      rack (~> 1.4.5)
      rack-cache (~> 1.2)
      rack-test (~> 0.6.1)
      sprockets (~> 2.2.1)
    activemodel (3.2.14)
      activesupport (= 3.2.14)
      builder (~> 3.0.0)
    activerecord (3.2.14)
      activemodel (= 3.2.14)
      activesupport (= 3.2.14)
      arel (~> 3.0.2)
      tzinfo (~> 0.3.29)
    activeresource (3.2.14)
      activemodel (= 3.2.14)
      activesupport (= 3.2.14)
    activesupport (3.2.14)
      i18n (~> 0.6, >= 0.6.4)
      multi_json (~> 1.0)
    acts-as-taggable-on (2.2.2)
      rails (~> 3.0)
    ancestry (1.2.5)
      activerecord (>= 2.2.2)
    arel (3.0.2)
    attr_required (0.0.5)
    avatars_for_rails (1.1.4)
      flashy (~> 0.0.1)
      jquery-rails (>= 3.0.0)
      jquery-ui-rails (>= 4.0.0)
      paperclip (>= 2.3.4)
      rmagick (>= 2.13.1)
    bcrypt-ruby (3.1.2)
    bootstrap-sass (2.3.2.2)
      sass (~> 3.2)
    builder (3.0.4)
    cancan (1.6.10)
    capistrano (2.15.5)
      highline
      net-scp (>= 1.0.0)
      net-sftp (>= 2.0.0)
      net-ssh (>= 2.0.14)
      net-ssh-gateway (>= 1.1.0)
    carrierwave (0.9.0)
      activemodel (>= 3.2.0)
      activesupport (>= 3.2.0)
      json (>= 1.7)
    climate_control (0.0.3)
      activesupport (>= 3.0)
    cocaine (0.5.3)
      climate_control (>= 0.0.3, < 1.0)
    coderay (1.0.9)
    coffee-rails (3.2.2)
      coffee-script (>= 2.2.0)
      railties (~> 3.2.0)
    coffee-script (2.2.0)
      coffee-script-source
      execjs
    coffee-script-source (1.6.3)
    deep_merge (1.0.0)
    deface (0.9.1)
      nokogiri (~> 1.5.0)
      rails (~> 3.1)
    devise (2.2.7)
      bcrypt-ruby (~> 3.0)
      orm_adapter (~> 0.1)
      railties (~> 3.1)
      warden (~> 1.2.1)
    diff-lcs (1.2.4)
    diffy (3.0.1)
    erubis (2.7.0)
    exception_notification (3.0.1)
      actionmailer (>= 3.0.4)
    execjs (2.0.2)
    factory_girl (1.3.3)
    faraday (0.8.8)
      multipart-post (~> 1.2.0)
    flashy (0.0.1)
      railties (>= 3.1.0)
    foreigner (1.1.6)
      activerecord (>= 3.0.0)
    forgery (0.5.0)
    galetahub-simple_captcha (0.1.5)
    has_scope (0.6.0.rc)
      actionpack (>= 3.2, < 5)
      activesupport (>= 3.2, < 5)
    hashie (2.0.5)
    highline (1.6.20)
    hike (1.2.3)
    httpauth (0.2.0)
    httpclient (2.3.4.1)
    i18n (0.6.5)
    i18n-js (2.1.2)
      i18n
    inherited_resources (1.4.1)
      has_scope (~> 0.6.0.rc)
      responders (~> 1.0.0.rc)
    journey (1.0.4)
    jquery-rails (3.0.4)
      railties (>= 3.0, < 5.0)
      thor (>= 0.14, < 2.0)
    jquery-ui-rails (4.1.0)
      railties (>= 3.1.0)
    json (1.8.1)
    jwt (0.1.8)
      multi_json (>= 1.5)
    kaminari (0.13.0)
      actionpack (>= 3.0.0)
      activesupport (>= 3.0.0)
      railties (>= 3.0.0)
    mail (2.5.4)
      mime-types (~> 1.16)
      treetop (~> 1.4.8)
    mailboxer (0.10.3)
      carrierwave (>= 0.5.8)
      foreigner (>= 0.9.1)
      rails (> 3.0.0)
    method_source (0.8.2)
    mime-types (1.25)
    mini_magick (3.8.0)
      subexec (~> 0.2.1)
    modernizr-rails (2.0.6)
    multi_json (1.8.2)
    multipart-post (1.2.0)
    mysql (2.9.1)
    mysql2 (0.3.14)
    net-scp (1.1.2)
      net-ssh (>= 2.6.5)
    net-sftp (2.0.5)
      net-ssh (>= 2.0.9)
    net-ssh (2.8.0)
    net-ssh-gateway (1.1.0)
      net-ssh (>= 1.99.1)
    nokogiri (1.5.10)
    oauth (0.4.7)
    oauth2 (0.8.1)
      faraday (~> 0.8)
      httpauth (~> 0.1)
      jwt (~> 0.1.4)
      multi_json (~> 1.0)
      rack (~> 1.2)
    omniauth (1.1.4)
      hashie (>= 1.2, < 3)
      rack
    omniauth-facebook (1.4.1)
      omniauth-oauth2 (~> 1.1.0)
    omniauth-linkedin (0.0.8)
      omniauth-oauth (~> 1.0)
    omniauth-oauth (1.0.1)
      oauth
      omniauth (~> 1.0)
    omniauth-oauth2 (1.1.1)
      oauth2 (~> 0.8.0)
      omniauth (~> 1.0)
    omniauth-shibboleth (1.1.1)
      omniauth (>= 1.0.0)
    omniauth-socialstream (0.1.3)
      omniauth-oauth2 (~> 1.1.1)
    orm_adapter (0.4.0)
    paperclip (3.5.2)
      activemodel (>= 3.0.0)
      activesupport (>= 3.0.0)
      cocaine (~> 0.5.3)
      mime-types
    polyglot (0.3.3)
    pry (0.9.12.2)
      coderay (~> 1.0.5)
      method_source (~> 0.8)
      slop (~> 3.4)
    pry-rails (0.3.2)
      pry (>= 0.9.10)
    rack (1.4.5)
    rack-cache (1.2)
      rack (>= 0.4)
    rack-cors (0.2.8)
      rack
    rack-oauth2 (1.0.5)
      activesupport (>= 2.3)
      attr_required (>= 0.0.5)
      httpclient (>= 2.2.0.2)
      multi_json (>= 1.3.6)
      rack (>= 1.1)
    rack-protection (1.5.1)
      rack
    rack-ssl (1.3.3)
      rack
    rack-test (0.6.2)
      rack (>= 1.0)
    rails (3.2.14)
      actionmailer (= 3.2.14)
      actionpack (= 3.2.14)
      activerecord (= 3.2.14)
      activeresource (= 3.2.14)
      activesupport (= 3.2.14)
      bundler (~> 1.0)
      railties (= 3.2.14)
    rails_autolink (1.0.9)
      rails (~> 3.1)
    rails_engine_decorators (1.0.0)
      railties (>= 3.2.8)
    railties (3.2.14)
      actionpack (= 3.2.14)
      activesupport (= 3.2.14)
      rack-ssl (~> 1.3.2)
      rake (>= 0.8.7)
      rdoc (~> 3.4)
      thor (>= 0.14.6, < 2.0)
    rake (10.1.0)
    rdoc (3.12.2)
      json (~> 1.4)
    redis (3.0.6)
    redis-namespace (1.3.2)
      redis (~> 3.0.4)
    responders (1.0.0)
      railties (>= 3.2, < 5)
    resque (1.23.1)
      multi_json (~> 1.0)
      redis-namespace (~> 1.0)
      sinatra (>= 0.9.2)
      vegas (~> 0.1.2)
    rest-client (1.6.7)
      mime-types (>= 1.16)
    riddle (1.5.9)
    rmagick (2.13.2)
    rspec-core (2.14.7)
    rspec-expectations (2.14.4)
      diff-lcs (>= 1.1.3, < 2.0)
    rspec-mocks (2.14.4)
    rspec-rails (2.14.0)
      actionpack (>= 3.0)
      activesupport (>= 3.0)
      railties (>= 3.0)
      rspec-core (~> 2.14.0)
      rspec-expectations (~> 2.14.0)
      rspec-mocks (~> 2.14.0)
    sanitize (2.1.0)
      nokogiri (>= 1.4.4)
    sass (3.2.12)
    sass-rails (3.2.6)
      railties (~> 3.2.0)
      sass (>= 3.1.10)
      tilt (~> 1.3)
    select2-rails (3.3.2)
      sass-rails (>= 3.2)
      thor (~> 0.14)
    sinatra (1.4.4)
      rack (~> 1.4)
      rack-protection (~> 1.4)
      tilt (~> 1.3, >= 1.3.4)
    slop (3.4.6)
    sprockets (2.2.2)
      hike (~> 1.2)
      multi_json (~> 1.0)
      rack (~> 1.0)
      tilt (~> 1.1, != 1.3.0)
    stringex (1.5.1)
    strong_parameters (0.2.1)
      actionpack (~> 3.0)
      activemodel (~> 3.0)
      railties (~> 3.0)
    subexec (0.2.3)
    thinking-sphinx (2.0.14)
      activerecord (>= 3.0.3)
      builder (>= 2.1.2)
      riddle (>= 1.5.3)
    thor (0.18.1)
    tilt (1.4.1)
    treetop (1.4.15)
      polyglot
      polyglot (>= 0.3.1)
    tzinfo (0.3.38)
    uglifier (2.3.0)
      execjs (>= 0.3.0)
      json (>= 1.8.0)
    vegas (0.1.11)
      rack (>= 1.0.0)
    warden (1.2.3)
      rack (>= 1.0)

PLATFORMS
  ruby

DEPENDENCIES
  capistrano (~> 2.15.5)
  coffee-rails (~> 3.2.1)
  diffy
  exception_notification (~> 3.0)
  factory_girl (= 1.3.3)
  forgery
  galetahub-simple_captcha
  jquery-rails
  mini_magick
  mysql
  mysql2
  omniauth-shibboleth
  pry-rails
  rack-cors
  rails (= 3.2.14)
  rest-client
  rspec-rails
  sanitize (= 2.1.0)
  sass-rails (~> 3.2.3)
  social_stream-base!
  social_stream-oauth2_server!
  uglifier (>= 1.0.3)
